GIT
  remote: git://github.com/chadkouse/ruhoh.rb.git
  revision: bc22ca3e49b61860ca0e1be7b66156b1a6b48aee
  branch: directory_watcher_fix
  specs:
    ruhoh (2.0.alpha.3)
      directory_watcher (~> 1.4.0)
      mustache (~> 0.99)
      nokogiri (~> 1.5)
      rack (~> 1.4)
      redcarpet (~> 2.1)

GEM
  remote: http://rubygems.org/
  specs:
    directory_watcher (1.4.1)
    mustache (0.99.4)
    nokogiri (1.5.9)
    psych (1.3.4)
    rack (1.5.2)
    redcarpet (2.2.2)

PLATFORMS
  ruby

DEPENDENCIES
  psych (~> 1.3)
  ruhoh!
